GEM
  remote: https://rubygems.org/
  specs:
    bigdecimal (3.1.8)
    database (0.0.0)
    diff-lcs (1.5.1)
    rspec (3.13.0)
      rspec-core (~> 3.13.0)
      rspec-expectations (~> 3.13.0)
      rspec-mocks (~> 3.13.0)
    rspec-core (3.13.1)
      rspec-support (~> 3.13.0)
    rspec-expectations (3.13.3)
      diff-lcs (>= 1.2.0, < 2.0)
      rspec-support (~> 3.13.0)
    rspec-mocks (3.13.1)
      diff-lcs (>= 1.2.0, < 2.0)
      rspec-support (~> 3.13.0)
    rspec-support (3.13.1)
    sequel (5.84.0)
      bigdecimal
    sqlite3 (2.1.0-arm64-darwin)

PLATFORMS
  arm64-darwin-21

DEPENDENCIES
  database
  rspec
  sequel
  sqlite3

BUNDLED WITH
   2.4.21
